GEM
  remote: https://rubygems.org/
  specs:
    ProMotion (1.1.0)
      methadone
    methadone (1.3.1)
      bundler
    rake (10.4.2)
    ruby_motion_query (0.5.6)

PLATFORMS
  ruby

DEPENDENCIES
  ProMotion
  rake
  ruby_motion_query
